GIT
  remote: https://github.com/evanphx/kpeg.git
  revision: 8adf9b41dc1270b7e2b41bfe99cf7084279a3dfc
  specs:
    kpeg (0.8.3)

GEM
  remote: http://rubygems.org/
  specs:
    diff-lcs (1.1.2)
    rake (0.9.2.2)
    rspec (2.6.0)
      rspec-core (~> 2.6.0)
      rspec-expectations (~> 2.6.0)
      rspec-mocks (~> 2.6.0)
    rspec-core (2.6.0)
    rspec-expectations (2.6.0)
      diff-lcs (~> 1.1.2)
    rspec-mocks (2.6.0)

PLATFORMS
  ruby

DEPENDENCIES
  bundler
  kpeg!
  rake (= 0.9.2.2)
  rspec
